GEM
  remote: https://rubygems.org/
  specs:
    anticuado (0.2.1)
    git (1.3.0)

PLATFORMS
  ruby

DEPENDENCIES
  anticuado (~> 0.2.0)
  git

BUNDLED WITH
   1.13.2
