GEM
  remote: https://rubygems.org/
  specs:
    anticuado (0.1.0)

PLATFORMS
  ruby

DEPENDENCIES
  anticuado

BUNDLED WITH
   1.12.5
